GEM
  remote: https://rubygems.org/
  specs:
    coderay (1.1.3)
    method_source (1.0.0)
    pry (0.14.1)
      coderay (~> 1.1)
      method_source (~> 1.0)
    rack (3.0.4.1)
    roda (3.63.0)
      rack

PLATFORMS
  ruby

DEPENDENCIES
  pry
  roda

RUBY VERSION
   ruby 3.2.0p0

BUNDLED WITH
   2.1.2
